GEM
  remote: http://rubygems.org/
  specs:
    activesupport (3.0.9)
    git (1.2.5)
    jeweler (1.5.2)
      bundler (~> 1.0.0)
      git (>= 1.2.5)
      rake
    json (1.5.3)
    mime-types (1.19)
    nokogiri (1.5.0)
    rake (0.9.2)
    rcov (0.9.9)
    rest-client (1.6.7)
      mime-types (>= 1.16)
    ruby-hmac (0.4.0)
    shoulda (2.11.3)

PLATFORMS
  ruby

DEPENDENCIES
  activesupport
  bundler (~> 1.0.0)
  jeweler (~> 1.5.2)
  json
  nokogiri
  rcov
  rest-client
  ruby-hmac
  shoulda
